GEM
  remote: https://rubygems.org/
  specs:
    docile (1.1.5)

PLATFORMS
  ruby

DEPENDENCIES
  docile

BUNDLED WITH
   1.10.6
